PATH
  remote: .
  specs:
    lightstep (0.15.0)
      concurrent-ruby (~> 1.0)
      opentracing (~> 0.5.0)

GEM
  remote: https://rubygems.org/
  specs:
    bump (0.6.1)
    concurrent-ruby (1.1.5)
    diff-lcs (1.3)
    docile (1.3.2)
    json (2.2.0)
    opentracing (0.5.0)
    rack (2.0.7)
    rake (11.3.0)
    rspec (3.8.0)
      rspec-core (~> 3.8.0)
      rspec-expectations (~> 3.8.0)
      rspec-mocks (~> 3.8.0)
    rspec-core (3.8.2)
      rspec-support (~> 3.8.0)
    rspec-expectations (3.8.4)
      diff-lcs (>= 1.2.0, < 2.0)
      rspec-support (~> 3.8.0)
    rspec-mocks (3.8.1)
      diff-lcs (>= 1.2.0, < 2.0)
      rspec-support (~> 3.8.0)
    rspec-support (3.8.2)
    simplecov (0.17.0)
      docile (~> 1.1)
      json (>= 1.8, < 3)
      simplecov-html (~> 0.10.0)
    simplecov-html (0.10.2)
    timecop (0.8.1)

PLATFORMS
  ruby

DEPENDENCIES
  bump (~> 0.5)
  lightstep!
  rack (~> 2.0)
  rake (~> 11.3)
  rspec (~> 3.0)
  simplecov (~> 0.16)
  timecop (~> 0.8.0)

BUNDLED WITH
   2.0.2
